GEM
  remote: https://rubygems.org/
  specs:
    diff-lcs (1.3)
    highline (1.7.10)
    mustache (0.99.8)
    mustermann (1.0.3)
    rack (2.0.6)
    rack-protection (2.0.5)
      rack
    rspec (3.8.0)
      rspec-core (~> 3.8.0)
      rspec-expectations (~> 3.8.0)
      rspec-mocks (~> 3.8.0)
    rspec-core (3.8.0)
      rspec-support (~> 3.8.0)
    rspec-expectations (3.8.2)
      diff-lcs (>= 1.2.0, < 2.0)
      rspec-support (~> 3.8.0)
    rspec-mocks (3.8.0)
      diff-lcs (>= 1.2.0, < 2.0)
      rspec-support (~> 3.8.0)
    rspec-support (3.8.0)
    ruby-progressbar (1.10.0)
    server (0.0.11.9)
      highline (~> 1.5)
      mustache (~> 0.99)
      ruby-progressbar (~> 1.4)
      terminal-table (~> 1.4)
      thor (~> 0.17)
    sinatra (2.0.5)
      mustermann (~> 1.0)
      rack (~> 2.0)
      rack-protection (= 2.0.5)
      tilt (~> 2.0)
    terminal-table (1.8.0)
      unicode-display_width (~> 1.1, >= 1.1.1)
    thor (0.20.3)
    tilt (2.0.9)
    unicode-display_width (1.4.1)

PLATFORMS
  ruby

DEPENDENCIES
  rspec
  server
  sinatra

BUNDLED WITH
   1.17.2
